PATH
  remote: .
  specs:
    paytracer (0.1.0)
      faraday (~> 2.7)

GEM
  remote: https://rubygems.org/
  specs:
    diff-lcs (1.5.1)
    dotenv (2.8.1)
    faraday (2.9.0)
      faraday-net_http (>= 2.0, < 3.2)
    faraday-net_http (3.1.0)
      net-http
    net-http (0.4.1)
      uri
    rake (13.1.0)
    rspec (3.13.0)
      rspec-core (~> 3.13.0)
      rspec-expectations (~> 3.13.0)
      rspec-mocks (~> 3.13.0)
    rspec-core (3.13.0)
      rspec-support (~> 3.13.0)
    rspec-expectations (3.13.0)
      diff-lcs (>= 1.2.0, < 2.0)
      rspec-support (~> 3.13.0)
    rspec-mocks (3.13.0)
      diff-lcs (>= 1.2.0, < 2.0)
      rspec-support (~> 3.13.0)
    rspec-support (3.13.0)
    uri (0.13.0)
    vcr (6.2.0)

PLATFORMS
  x86_64-darwin-22

DEPENDENCIES
  dotenv (~> 2.8.1)
  paytracer!
  rake (~> 13.0)
  rspec (~> 3.0)
  vcr (~> 6.2)

BUNDLED WITH
   2.4.19
